PATH
  remote: .
  specs:
    physitrack_api (0.2.1)
      activesupport (= 3.2.22)
      httparty (= 0.13.5)

GEM
  remote: https://rubygems.org/
  specs:
    activesupport (3.2.22)
      i18n (~> 0.6, >= 0.6.4)
      multi_json (~> 1.0)
    concurrent-ruby (1.0.5)
    diff-lcs (1.3)
    fakeweb (1.3.0)
    httparty (0.13.5)
      json (~> 1.8)
      multi_xml (>= 0.5.2)
    i18n (0.9.5)
      concurrent-ruby (~> 1.0)
    json (1.8.6)
    multi_json (1.13.1)
    multi_xml (0.6.0)
    rake (10.5.0)
    rspec (3.7.0)
      rspec-core (~> 3.7.0)
      rspec-expectations (~> 3.7.0)
      rspec-mocks (~> 3.7.0)
    rspec-core (3.7.1)
      rspec-support (~> 3.7.0)
    rspec-expectations (3.7.0)
      diff-lcs (>= 1.2.0, < 2.0)
      rspec-support (~> 3.7.0)
    rspec-mocks (3.7.0)
      diff-lcs (>= 1.2.0, < 2.0)
      rspec-support (~> 3.7.0)
    rspec-support (3.7.1)
    vcr (3.0.3)

PLATFORMS
  ruby

DEPENDENCIES
  bundler (~> 1.16)
  fakeweb
  physitrack_api!
  rake (~> 10.0)
  rspec (~> 3.0)
  vcr (~> 3.0)

BUNDLED WITH
   1.16.2
